GEM
  remote: https://rubygems.org/
  specs:
    addressable (2.3.5)
    mime-types (2.1)
    mini_portile (0.5.2)
    nokogiri (1.6.1)
      mini_portile (~> 0.5.0)
    rest-client (1.6.7)
      mime-types (>= 1.16)

PLATFORMS
  ruby

DEPENDENCIES
  addressable
  nokogiri
  rest-client
