GEM
  remote: https://rubygems.org/
  specs:
    curses (1.0.0)
    dispel (0.0.4)

PLATFORMS
  ruby

DEPENDENCIES
  curses
  dispel
